GEM
  remote: https://rubygems.org/
  specs:
    actionmailer (4.2.5.2)
      actionpack (= 4.2.5.2)
      actionview (= 4.2.5.2)
      activejob (= 4.2.5.2)
      mail (~> 2.5, >= 2.5.4)
      rails-dom-testing (~> 1.0, >= 1.0.5)
    actionpack (4.2.5.2)
      actionview (= 4.2.5.2)
      activesupport (= 4.2.5.2)
      rack (~> 1.6)
      rack-test (~> 0.6.2)
      rails-dom-testing (~> 1.0, >= 1.0.5)
      rails-html-sanitizer (~> 1.0, >= 1.0.2)
    actionview (4.2.5.2)
      activesupport (= 4.2.5.2)
      builder (~> 3.1)
      erubis (~> 2.7.0)
      rails-dom-testing (~> 1.0, >= 1.0.5)
      rails-html-sanitizer (~> 1.0, >= 1.0.2)
    activejob (4.2.5.2)
      activesupport (= 4.2.5.2)
      globalid (>= 0.3.0)
    activemodel (4.2.5.2)
      activesupport (= 4.2.5.2)
      builder (~> 3.1)
    activerecord (4.2.5.2)
      activemodel (= 4.2.5.2)
      activesupport (= 4.2.5.2)
      arel (~> 6.0)
    activerecord-import (0.13.0)
      activerecord (>= 3.0)
    activesupport (4.2.5.2)
      i18n (~> 0.7)
      json (~> 1.7, >= 1.7.7)
      minitest (~> 5.1)
      thread_safe (~> 0.3, >= 0.3.4)
      tzinfo (~> 1.1)
    addressable (2.4.0)
    arel (6.0.3)
    ast (2.2.0)
    autodoc (0.6.0)
      actionpack
      activesupport (>= 3.0.0)
      rspec
    awesome_print (1.6.1)
    aws-sdk (2.3.9)
      aws-sdk-resources (= 2.3.9)
    aws-sdk-core (2.3.9)
      jmespath (~> 1.0)
    aws-sdk-resources (2.3.9)
      aws-sdk-core (= 2.3.9)
    aws-sdk-v1 (1.66.0)
      json (~> 1.4)
      nokogiri (>= 1.4.4)
    bcrypt (3.1.11)
    better_errors (2.1.1)
      coderay (>= 1.0.0)
      erubis (>= 2.6.6)
      rack (>= 0.9.0)
    binding_of_caller (0.7.2)
      debug_inspector (>= 0.0.1)
    bootstrap-table-rails (1.10.1)
    browserify-rails (3.1.0)
      railties (>= 4.0.0, < 5.1)
      sprockets (>= 3.5.2)
    buff-config (1.0.1)
      buff-extensions (~> 1.0)
      varia_model (~> 0.4)
    buff-extensions (1.0.0)
    buff-ignore (1.1.1)
    buff-ruby_engine (0.1.0)
    buff-shell_out (0.2.0)
      buff-ruby_engine (~> 0.1.0)
    builder (3.2.2)
    bullet (5.1.0)
      activesupport (>= 3.0.0)
      uniform_notifier (~> 1.10.0)
    celluloid (0.16.0)
      timers (~> 4.0.0)
    celluloid-io (0.16.2)
      celluloid (>= 0.16.0)
      nio4r (>= 1.1.0)
    chef (12.10.24)
      bundler (>= 1.10)
      chef-config (= 12.10.24)
      chef-zero (~> 4.5)
      diff-lcs (~> 1.2, >= 1.2.4)
      erubis (~> 2.7)
      ffi-yajl (~> 2.2)
      highline (~> 1.6, >= 1.6.9)
      mixlib-authentication (~> 1.4)
      mixlib-cli (~> 1.4)
      mixlib-log (~> 1.3)
      mixlib-shellout (~> 2.0)
      net-sftp (~> 2.1, >= 2.1.2)
      net-ssh (>= 2.9, < 4.0)
      net-ssh-multi (~> 1.1)
      ohai (>= 8.6.0.alpha.1, < 9)
      plist (~> 3.2)
      proxifier (~> 1.0)
      rspec-core (~> 3.4)
      rspec-expectations (~> 3.4)
      rspec-mocks (~> 3.4)
      rspec_junit_formatter (~> 0.2.0)
      serverspec (~> 2.7)
      specinfra (~> 2.10)
      syslog-logger (~> 1.6)
      uuidtools (~> 2.1.5)
    chef-config (12.10.24)
      fuzzyurl (~> 0.8.0)
      mixlib-config (~> 2.0)
      mixlib-shellout (~> 2.0)
    chef-zero (4.6.2)
      ffi-yajl (~> 2.2)
      hashie (>= 2.0, < 4.0)
      mixlib-log (~> 1.3)
      rack
      uuidtools (~> 2.1)
    chunky_png (1.3.5)
    coderay (1.1.1)
    coffee-rails (4.1.1)
      coffee-script (>= 2.2.0)
      railties (>= 4.0.0, < 5.1.x)
    coffee-script (2.4.1)
      coffee-script-source
      execjs
    coffee-script-source (1.10.0)
    concurrent-ruby (1.0.2)
    connection_pool (2.2.0)
    coveralls (0.8.13)
      json (~> 1.8)
      simplecov (~> 0.11.0)
      term-ansicolor (~> 1.3)
      thor (~> 0.19.1)
      tins (~> 1.6.0)
    crono (1.0.0)
      activerecord (~> 4.0)
      activesupport (~> 4.0)
    database_cleaner (1.5.3)
    debug_inspector (0.0.2)
    devise (3.5.10)
      bcrypt (~> 3.0)
      orm_adapter (~> 0.1)
      railties (>= 3.2.6, < 5)
      responders
      thread_safe (~> 0.1)
      warden (~> 1.2.3)
    devise-i18n (1.0.1)
    diff-lcs (1.2.5)
    docile (1.1.5)
    erubis (2.7.0)
    execjs (2.7.0)
    factory_girl (4.7.0)
      activesupport (>= 3.0.0)
    factory_girl_rails (4.7.0)
      factory_girl (~> 4.7.0)
      railties (>= 3.0.0)
    faraday (0.9.2)
      multipart-post (>= 1.2, < 3)
    ffi (1.9.10)
    ffi-yajl (2.2.3)
      libyajl2 (~> 1.2)
    font-awesome-rails (4.6.3.0)
      railties (>= 3.2, < 5.1)
    foreman (0.82.0)
      thor (~> 0.19.1)
    formatador (0.2.5)
    fuzzyurl (0.8.0)
    git-version-bump (0.15.1)
    github-markup (1.4.0)
    globalid (0.3.6)
      activesupport (>= 4.1.0)
    gssapi (1.2.0)
      ffi (>= 1.0.1)
    guard (2.14.0)
      formatador (>= 0.2.4)
      listen (>= 2.7, < 4.0)
      lumberjack (~> 1.0)
      nenv (~> 0.1)
      notiffany (~> 0.0)
      pry (>= 0.9.12)
      shellany (~> 0.0)
      thor (>= 0.18.1)
    guard-compat (1.2.1)
    guard-rspec (4.7.1)
      guard (~> 2.1)
      guard-compat (~> 1.1)
      rspec (>= 2.99.0, < 4.0)
    gyoku (1.3.1)
      builder (>= 2.1.2)
    hashie (2.1.2)
    highline (1.7.8)
    hiredis (0.6.1)
    hitimes (1.2.4)
    httpclient (2.8.0)
    i18n (0.7.0)
    i18n-js (2.1.2)
      i18n
    ipaddress (0.8.3)
    jbuilder (2.5.0)
      activesupport (>= 3.0.0, < 5.1)
      multi_json (~> 1.2)
    jmespath (1.2.4)
      json_pure (>= 1.8.1)
    json (1.8.3)
    json_pure (1.8.3)
    kaminari (0.17.0)
      actionpack (>= 3.0.0)
      activesupport (>= 3.0.0)
    kgio (2.10.0)
    knife-windows (1.4.1)
      winrm (~> 1.7)
    libv8 (3.16.14.15)
    libyajl2 (1.2.0)
    listen (3.1.5)
      rb-fsevent (~> 0.9, >= 0.9.4)
      rb-inotify (~> 0.9, >= 0.9.7)
      ruby_dep (~> 1.2)
    little-plugger (1.1.4)
    logging (2.1.0)
      little-plugger (~> 1.1)
      multi_json (~> 1.10)
    loofah (2.0.3)
      nokogiri (>= 1.5.9)
    lumberjack (1.0.10)
    mail (2.6.4)
      mime-types (>= 1.16, < 4)
    method_source (0.8.2)
    mime-types (3.1)
      mime-types-data (~> 3.2015)
    mime-types-data (3.2016.0521)
    mini_portile2 (2.0.0)
    minitest (5.9.0)
    mixlib-authentication (1.4.0)
      mixlib-log
      rspec-core (~> 3.2)
      rspec-expectations (~> 3.2)
      rspec-mocks (~> 3.2)
    mixlib-cli (1.6.0)
    mixlib-config (2.2.1)
    mixlib-log (1.6.0)
    mixlib-shellout (2.2.6)
    multi_json (1.12.1)
    multipart-post (2.0.0)
    mysql2 (0.3.21)
    named_let (0.2.0)
      rspec-core
    nenv (0.3.0)
    net-http-persistent (2.9.4)
    net-scp (1.2.1)
      net-ssh (>= 2.6.5)
    net-sftp (2.1.2)
      net-ssh (>= 2.6.5)
    net-ssh (3.1.1)
    net-ssh-gateway (1.2.0)
      net-ssh (>= 2.6.5)
    net-ssh-multi (1.2.1)
      net-ssh (>= 2.6.5)
      net-ssh-gateway (>= 1.2.0)
    net-telnet (0.1.1)
    nio4r (1.2.1)
    nokogiri (1.6.7.2)
      mini_portile2 (~> 2.0.0.rc2)
    nori (2.6.0)
    notiffany (0.1.0)
      nenv (~> 0.1)
      shellany (~> 0.0)
    ohai (8.16.0)
      chef-config (>= 12.5.0.alpha.1, < 13)
      ffi (~> 1.9)
      ffi-yajl (~> 2.2)
      ipaddress
      mixlib-cli
      mixlib-config (~> 2.0)
      mixlib-log
      mixlib-shellout (~> 2.0)
      plist (~> 3.1)
      systemu (~> 2.6.4)
      wmi-lite (~> 1.0)
    orm_adapter (0.5.0)
    parser (2.3.1.2)
      ast (~> 2.2)
    plist (3.2.0)
    powerpack (0.1.1)
    proxifier (1.0.3)
    pry (0.10.3)
      coderay (~> 1.1.0)
      method_source (~> 0.8.1)
      slop (~> 3.4)
    pry-doc (0.8.0)
      pry (~> 0.9)
      yard (~> 0.8)
    pry-rails (0.3.4)
      pry (>= 0.9.10)
    pry-remote (0.1.8)
      pry (~> 0.9)
      slop (~> 3.0)
    pundit (1.1.0)
      activesupport (>= 3.0.0)
    quiet_assets (1.1.0)
      railties (>= 3.1, < 5.0)
    rack (1.6.4)
    rack-contrib (1.4.0)
      git-version-bump (~> 0.15)
      rack (~> 1.4)
    rack-test (0.6.3)
      rack (>= 1.0)
    railroady (1.4.2)
    rails (4.2.5.2)
      actionmailer (= 4.2.5.2)
      actionpack (= 4.2.5.2)
      actionview (= 4.2.5.2)
      activejob (= 4.2.5.2)
      activemodel (= 4.2.5.2)
      activerecord (= 4.2.5.2)
      activesupport (= 4.2.5.2)
      bundler (>= 1.3.0, < 2.0)
      railties (= 4.2.5.2)
      sprockets-rails
    rails-deprecated_sanitizer (1.0.3)
      activesupport (>= 4.2.0.alpha)
    rails-dom-testing (1.0.7)
      activesupport (>= 4.2.0.beta, < 5.0)
      nokogiri (~> 1.6.0)
      rails-deprecated_sanitizer (>= 1.0.1)
    rails-html-sanitizer (1.0.3)
      loofah (~> 2.0)
    rails-i18n (4.0.8)
      i18n (~> 0.7)
      railties (~> 4.0)
    railties (4.2.5.2)
      actionpack (= 4.2.5.2)
      activesupport (= 4.2.5.2)
      rake (>= 0.8.7)
      thor (>= 0.18.1, < 2.0)
    rainbow (2.1.0)
    raindrops (0.16.0)
    rake (11.1.2)
    rb-fsevent (0.9.7)
    rb-inotify (0.9.7)
      ffi (>= 0.5.0)
    rdoc (4.2.2)
      json (~> 1.4)
    redcarpet (3.3.4)
    redis (3.3.0)
    redis-actionpack (4.0.1)
      actionpack (~> 4)
      redis-rack (~> 1.5.0)
      redis-store (~> 1.1.0)
    redis-activesupport (4.1.5)
      activesupport (>= 3, < 5)
      redis-store (~> 1.1.0)
    redis-namespace (1.5.2)
      redis (~> 3.0, >= 3.0.4)
    redis-rack (1.5.0)
      rack (~> 1.5)
      redis-store (~> 1.1.0)
    redis-rails (4.0.0)
      redis-actionpack (~> 4)
      redis-activesupport (~> 4)
      redis-store (~> 1.1.0)
    redis-store (1.1.7)
      redis (>= 2.2)
    ref (2.0.0)
    responders (2.2.0)
      railties (>= 4.2.0, < 5.1)
    retryable (2.0.3)
    ridley (4.2.0)
      addressable
      buff-config (~> 1.0)
      buff-extensions (~> 1.0)
      buff-ignore (~> 1.1)
      buff-shell_out (~> 0.1)
      celluloid (~> 0.16.0)
      celluloid-io (~> 0.16.1)
      erubis
      faraday (~> 0.9.0)
      hashie (>= 2.0.2, < 3.0.0)
      json (>= 1.7.7)
      mixlib-authentication (>= 1.3.0)
      net-http-persistent (>= 2.8)
      retryable (~> 2.0)
      semverse (~> 1.1)
      varia_model (~> 0.4)
    rotp (3.0.1)
    rqrcode (0.10.1)
      chunky_png (~> 1.0)
    rspec (3.4.0)
      rspec-core (~> 3.4.0)
      rspec-expectations (~> 3.4.0)
      rspec-mocks (~> 3.4.0)
    rspec-core (3.4.4)
      rspec-support (~> 3.4.0)
    rspec-expectations (3.4.0)
      diff-lcs (>= 1.2.0, < 2.0)
      rspec-support (~> 3.4.0)
    rspec-its (1.2.0)
      rspec-core (>= 3.0.0)
      rspec-expectations (>= 3.0.0)
    rspec-mocks (3.4.1)
      diff-lcs (>= 1.2.0, < 2.0)
      rspec-support (~> 3.4.0)
    rspec-rails (3.4.2)
      actionpack (>= 3.0, < 4.3)
      activesupport (>= 3.0, < 4.3)
      railties (>= 3.0, < 4.3)
      rspec-core (~> 3.4.0)
      rspec-expectations (~> 3.4.0)
      rspec-mocks (~> 3.4.0)
      rspec-support (~> 3.4.0)
    rspec-support (3.4.1)
    rspec_junit_formatter (0.2.3)
      builder (< 4)
      rspec-core (>= 2, < 4, != 2.12.0)
    rubocop (0.40.0)
      parser (>= 2.3.1.0, < 3.0)
      powerpack (~> 0.1)
      rainbow (>= 1.99.1, < 3.0)
      ruby-progressbar (~> 1.7)
      unicode-display_width (~> 1.0, >= 1.0.1)
    ruby-prof (0.15.9)
    ruby-progressbar (1.8.1)
    ruby_dep (1.3.1)
    rubyntlm (0.6.0)
    sass (3.4.22)
    sass-rails (5.0.4)
      railties (>= 4.0.0, < 5.0)
      sass (~> 3.1)
      sprockets (>= 2.8, < 4.0)
      sprockets-rails (>= 2.0, < 4.0)
      tilt (>= 1.1, < 3)
    sdoc (0.4.1)
      json (~> 1.7, >= 1.7.7)
      rdoc (~> 4.0)
    semverse (1.2.1)
    serverspec (2.36.0)
      multi_json
      rspec (~> 3.0)
      rspec-its
      specinfra (~> 2.53)
    sfl (2.2)
    shellany (0.0.1)
    sidekiq (3.4.2)
      celluloid (~> 0.16.0)
      connection_pool (~> 2.2, >= 2.2.0)
      json (~> 1.0)
      redis (~> 3.2, >= 3.2.1)
      redis-namespace (~> 1.5, >= 1.5.2)
    simplecov (0.11.2)
      docile (~> 1.1.0)
      json (~> 1.8)
      simplecov-html (~> 0.10.0)
    simplecov-html (0.10.0)
    sky_zabbix (2.2.0.1.2)
    slop (3.6.0)
    specinfra (2.57.5)
      net-scp
      net-ssh (>= 2.7, < 4.0)
      net-telnet
      sfl
    spring (1.7.1)
    spring-commands-rspec (1.0.4)
      spring (>= 0.9.1)
    spring-commands-sidekiq (1.0.0)
      spring (>= 0.9.1)
    sprint (1.1.0)
    sprockets (3.6.0)
      concurrent-ruby (~> 1.0)
      rack (> 1, < 3)
    sprockets-rails (2.3.3)
      actionpack (>= 3.0)
      activesupport (>= 3.0)
      sprockets (>= 2.8, < 4.0)
    sqlite3 (1.3.11)
    syslog-logger (1.6.8)
    systemu (2.6.5)
    tapp (1.5.0)
      thor
    term-ansicolor (1.3.2)
      tins (~> 1.0)
    therubyracer (0.12.2)
      libv8 (~> 3.16.14.0)
      ref
    thor (0.19.1)
    thread_safe (0.3.5)
    tilt (2.0.4)
    timers (4.0.4)
      hitimes
    tins (1.6.0)
    tzinfo (1.2.2)
      thread_safe (~> 0.1)
    uglifier (3.0.0)
      execjs (>= 0.3.0, < 3)
    unicode-display_width (1.0.5)
    unicorn (5.1.0)
      kgio (~> 2.6)
      raindrops (~> 0.7)
    unicorn-rails (2.2.0)
      rack
      unicorn
    uniform_notifier (1.10.0)
    uuidtools (2.1.5)
    varia_model (0.5.0)
      buff-extensions (~> 1.0)
      hashie (>= 2.0.2, < 4.0.0)
    warden (1.2.6)
      rack (>= 1.0)
    winrm (1.8.1)
      builder (>= 2.1.2)
      gssapi (~> 1.2)
      gyoku (~> 1.0)
      httpclient (~> 2.2, >= 2.2.0.2)
      logging (>= 1.6.1, < 3.0)
      nori (~> 2.0)
      rubyntlm (~> 0.6.0)
    wmi-lite (1.0.0)
    xray-rails (0.1.21)
      coffee-rails
      rails (>= 3.1.0)
    yard (0.8.7.6)

PLATFORMS
  ruby

DEPENDENCIES
  activerecord-import
  autodoc
  awesome_print
  aws-sdk (~> 2)
  aws-sdk-v1
  better_errors
  binding_of_caller
  bootstrap-table-rails
  browserify-rails
  bullet
  chef (~> 12)
  coffee-rails
  coveralls
  crono
  database_cleaner
  devise (~> 3.5.3)
  devise-i18n
  factory_girl_rails
  font-awesome-rails
  foreman
  github-markup
  guard-rspec
  highline
  hiredis
  i18n (= 0.7.0)
  i18n-js
  jbuilder
  kaminari
  knife-windows
  libv8
  mysql2 (~> 0.3.20)
  named_let
  net-scp
  net-ssh
  nokogiri (>= 1.6.7.2)
  pry
  pry-doc
  pry-rails
  pry-remote
  pundit
  quiet_assets
  rack-contrib
  railroady
  rails (~> 4.2.5.2)
  rails-html-sanitizer (~> 1.0.3)
  rails-i18n
  redcarpet
  redis
  redis-rails
  redis-store
  ridley (~> 4.2.0)
  rotp
  rqrcode
  rspec-rails
  rubocop
  ruby-prof
  sass-rails
  sdoc
  serverspec
  sidekiq (~> 3.4.2)
  sky_zabbix (~> 2.2.0)
  specinfra
  spring
  spring-commands-rspec
  spring-commands-sidekiq
  sprint
  sprockets-rails (~> 2)
  sqlite3
  tapp
  therubyracer
  uglifier
  unicorn-rails
  xray-rails
  yard

BUNDLED WITH
   1.11.2
